PATH
  remote: .
  specs:
    fastlyctl (1.0.12)
      diffy (~> 3.2.1)
      launchy (~> 2.4.3, >= 2.4.3)
      thor (~> 0.19.4)
      typhoeus (~> 1.3.1)

GEM
  remote: https://rubygems.org/
  specs:
    addressable (2.6.0)
      public_suffix (>= 2.0.2, < 4.0)
    diffy (3.2.1)
    ethon (0.12.0)
      ffi (>= 1.3.0)
    ffi (1.10.0)
    launchy (2.4.3)
      addressable (~> 2.3)
    public_suffix (3.0.3)
    thor (0.19.4)
    typhoeus (1.3.1)
      ethon (>= 0.9.0)

PLATFORMS
  ruby

DEPENDENCIES
  fastlyctl!

BUNDLED WITH
   1.17.3
